GEM
  remote: https://rubygems.org/
  specs:
    colored (1.2)
    polyglot (0.3.4)
    treetop (1.4.15)
      polyglot
      polyglot (>= 0.3.1)

PLATFORMS
  ruby

DEPENDENCIES
  colored
  polyglot
  treetop
